GEM
  remote: https://rubygems.org/
  specs:
    colorize (0.7.7)

PLATFORMS
  ruby
  x64-mingw32

DEPENDENCIES
  colorize

BUNDLED WITH
   1.17.2
